PATH
  remote: .
  specs:
    calabash-cucumber (0.9.106)
      CFPropertyList
      bundler (~> 1.1)
      cucumber
      httpclient (~> 2.2.7)
      json
      location-one (~> 0.0.6)
      sim_launcher (>= 0.4.5)
      slowhandcuke

GEM
  remote: http://rubygems.org/
  specs:
    CFPropertyList (2.1.1)
    builder (3.1.3)
    cucumber (1.2.1)
      builder (>= 2.1.2)
      diff-lcs (>= 1.1.3)
      gherkin (~> 2.11.0)
      json (>= 1.4.6)
    diff-lcs (1.1.3)
    geocoder (1.1.3)
    gherkin (2.11.2)
      json (>= 1.4.6)
    httpclient (2.2.7)
    json (1.7.5)
    location-one (0.0.6)
      geocoder (~> 1.1)
      httpclient
      json
    rack (1.4.1)
    rack-protection (1.2.0)
      rack
    sim_launcher (0.4.5)
      sinatra
    sinatra (1.3.3)
      rack (~> 1.3, >= 1.3.6)
      rack-protection (~> 1.2)
      tilt (~> 1.3, >= 1.3.3)
    slowhandcuke (0.0.3)
      cucumber
    tilt (1.3.3)

PLATFORMS
  ruby

DEPENDENCIES
  calabash-cucumber!
